GEM
  remote: https://rubygems.org/
  specs:
    diff-lcs (1.2.4)
    facter (1.7.2)
    filecache (1.0)
    hiera (1.2.1)
      json_pure
    httpclient (2.3.4.1)
    json_pure (1.8.0)
    little-plugger (1.1.3)
    logging (1.8.2)
      little-plugger (>= 1.1.3)
      multi_json (>= 1.8.4)
    metaclass (0.0.4)
    mocha (1.0.0)
      metaclass (~> 0.0.1)
    multi_json (1.10.1)
    parseconfig (1.0.2)
    puppet (3.2.3)
      facter (~> 1.6)
      hiera (~> 1.0)
      rgen (~> 0.6.5)
    puppet-lint (0.3.2)
    puppetlabs_spec_helper (0.4.1)
      mocha (>= 0.10.5)
      rake
      rspec (>= 2.9.0)
      rspec-puppet (>= 0.1.1)
    rake (10.1.0)
    rgen (0.6.5)
    rspec (2.14.1)
      rspec-core (~> 2.14.0)
      rspec-expectations (~> 2.14.0)
      rspec-mocks (~> 2.14.0)
    rspec-core (2.14.4)
    rspec-expectations (2.14.1)
      diff-lcs (>= 1.1.3, < 2.0)
    rspec-mocks (2.14.3)
    rspec-puppet (0.1.6)
      rspec
    soap4r (1.5.8)
      httpclient (>= 2.1.1)

PLATFORMS
  ruby

DEPENDENCIES
  filecache
  logging
  parseconfig
  puppet
  puppet-lint
  puppetlabs_spec_helper
  rake
  rspec-puppet
  soap4r
